GEM
  remote: https://rubygems.org/
  specs:
    libui (0.0.15)

PLATFORMS
  x64-mingw32

DEPENDENCIES
  libui (~> 0)

BUNDLED WITH
   2.1.4
